PATH
  remote: .
  specs:
    minotaur (0.0.1)
      dice

GEM
  remote: https://rubygems.org/
  specs:
    coderay (1.1.0)
    dice (0.0.3)
    diff-lcs (1.2.5)
    ffi (1.9.3-java)
    highline (1.6.21)
    method_source (0.8.2)
    pry (0.9.12.6)
      coderay (~> 1.0)
      method_source (~> 0.8)
      slop (~> 3.4)
    pry (0.9.12.6-java)
      coderay (~> 1.0)
      method_source (~> 0.8)
      slop (~> 3.4)
      spoon (~> 0.0)
    rainbow (2.0.0)
    rake (10.2.2)
    reek (1.3.7)
      rainbow
      ruby2ruby (~> 2.0.8)
      ruby_parser (~> 3.3)
      sexp_processor
    rspec (2.14.1)
      rspec-core (~> 2.14.0)
      rspec-expectations (~> 2.14.0)
      rspec-mocks (~> 2.14.0)
    rspec-core (2.14.8)
    rspec-expectations (2.14.5)
      diff-lcs (>= 1.1.3, < 2.0)
    rspec-mocks (2.14.6)
    ruby2ruby (2.0.8)
      ruby_parser (~> 3.1)
      sexp_processor (~> 4.0)
    ruby_parser (3.5.0)
      sexp_processor (~> 4.1)
    sexp_processor (4.4.3)
    slop (3.5.0)
    spoon (0.0.4)
      ffi
    thor (0.19.1)

PLATFORMS
  java
  ruby

DEPENDENCIES
  dice
  highline
  minotaur!
  pry
  rake
  reek
  rspec
  thor
