PATH
  remote: .
  specs:
    minotaur (0.0.1)

GEM
  remote: https://rubygems.org/
  specs:
    diff-lcs (1.1.3)
    reek (1.2.12)
      ripper_ruby_parser (~> 0.0.7)
      ruby2ruby (~> 1.2.5)
      ruby_parser (~> 2.0)
      sexp_processor (~> 3.0)
    ripper_ruby_parser (0.0.8)
      sexp_processor (~> 3.0)
    rspec (2.11.0)
      rspec-core (~> 2.11.0)
      rspec-expectations (~> 2.11.0)
      rspec-mocks (~> 2.11.0)
    rspec-core (2.11.1)
    rspec-expectations (2.11.3)
      diff-lcs (~> 1.1.3)
    rspec-mocks (2.11.3)
    ruby2ruby (1.2.5)
      ruby_parser (~> 2.0)
      sexp_processor (~> 3.0)
    ruby_parser (2.3.1)
      sexp_processor (~> 3.0)
    sexp_processor (3.2.0)

PLATFORMS
  ruby

DEPENDENCIES
  minotaur!
  reek
  rspec
